GIT
  remote: https://github.com/sinatra/sinatra.git
  revision: e56f657bed6c3b1cb5492e7a8cf995013c4388b5
  specs:
    rack-protection (3.2.0)
      base64 (>= 0.1.0)
      rack (>= 3.0.0, < 4)
    sinatra (3.2.0)
      mustermann (~> 3.0)
      rack (>= 3.0.0, < 4)
      rack-protection (= 3.2.0)
      rack-session (>= 2.0.0, < 3)
      tilt (~> 2.0)

GEM
  remote: https://rubygems.org/
  specs:
    activesupport (7.1.2)
      base64
      bigdecimal
      concurrent-ruby (~> 1.0, >= 1.0.2)
      connection_pool (>= 2.2.5)
      drb
      i18n (>= 1.6, < 2)
      minitest (>= 5.1)
      mutex_m
      tzinfo (~> 2.0)
    aes_key_wrap (1.1.0)
    base64 (0.2.0)
    bigdecimal (3.1.5)
    bindata (2.4.15)
    byebug (11.1.3)
    concurrent-ruby (1.2.3)
    connection_pool (2.4.1)
    dotenv (2.8.1)
    drb (2.2.0)
      ruby2_keywords
    faraday (2.9.0)
      faraday-net_http (>= 2.0, < 3.2)
    faraday-follow_redirects (0.3.0)
      faraday (>= 1, < 3)
    faraday-net_http (3.1.0)
      net-http
    haml (6.3.0)
      temple (>= 0.8.2)
      thor
      tilt
    i18n (1.14.1)
      concurrent-ruby (~> 1.0)
    json (2.7.1)
    json-jwt (1.16.5)
      activesupport (>= 4.2)
      aes_key_wrap
      base64
      bindata
      faraday (~> 2.0)
      faraday-follow_redirects
    jwt (2.7.1)
    minitest (5.21.1)
    multi_json (1.15.0)
    mustermann (3.0.0)
      ruby2_keywords (~> 0.0.1)
    mutex_m (0.2.0)
    net-http (0.4.1)
      uri
    rack (3.0.8)
    rack-session (2.0.0)
      rack (>= 3.0.0)
    rackup (2.1.0)
      rack (>= 3)
      webrick (~> 1.8)
    ruby2_keywords (0.0.5)
    sinatra-contrib (3.2.0)
      multi_json (>= 0.0.2)
      mustermann (~> 3.0)
      rack-protection (= 3.2.0)
      sinatra (= 3.2.0)
      tilt (~> 2.0)
    temple (0.10.3)
    thor (1.3.0)
    tilt (2.3.0)
    tzinfo (2.0.6)
      concurrent-ruby (~> 1.0)
    uri (0.13.0)
    webrick (1.8.1)
    xero-ruby (4.3.1)
      faraday (>= 2.0, < 3.0)
      json (~> 2.1, >= 2.1.0)
      json-jwt (~> 1.16, >= 1.16.3)

PLATFORMS
  arm64-darwin-23
  ruby

DEPENDENCIES
  byebug
  dotenv
  haml
  jwt
  rackup
  sinatra!
  sinatra-contrib
  xero-ruby

BUNDLED WITH
   2.5.4
