GIT
  remote: https://github.com/sinatra/sinatra.git
  revision: f57acefddade9710d7ca3c7a508d4484e90aacdd
  specs:
    rack-protection (2.1.0)
      rack
    sinatra (2.1.0)
      mustermann (~> 1.0)
      rack (~> 2.2)
      rack-protection (= 2.1.0)
      tilt (~> 2.0)

GEM
  remote: https://rubygems.org/
  specs:
    activesupport (7.0.2.3)
      concurrent-ruby (~> 1.0, >= 1.0.2)
      i18n (>= 1.6, < 2)
      minitest (>= 5.1)
      tzinfo (~> 2.0)
    aes_key_wrap (1.1.0)
    bindata (2.4.10)
    byebug (11.1.3)
    concurrent-ruby (1.1.10)
    dotenv (2.7.6)
    faraday (1.10.0)
      faraday-em_http (~> 1.0)
      faraday-em_synchrony (~> 1.0)
      faraday-excon (~> 1.1)
      faraday-httpclient (~> 1.0)
      faraday-multipart (~> 1.0)
      faraday-net_http (~> 1.0)
      faraday-net_http_persistent (~> 1.0)
      faraday-patron (~> 1.0)
      faraday-rack (~> 1.0)
      faraday-retry (~> 1.0)
      ruby2_keywords (>= 0.0.4)
    faraday-em_http (1.0.0)
    faraday-em_synchrony (1.0.0)
    faraday-excon (1.1.0)
    faraday-httpclient (1.0.1)
    faraday-multipart (1.0.3)
      multipart-post (>= 1.2, < 3)
    faraday-net_http (1.0.1)
    faraday-net_http_persistent (1.2.0)
    faraday-patron (1.0.0)
    faraday-rack (1.0.0)
    faraday-retry (1.0.3)
    haml (5.1.2)
      temple (>= 0.8.0)
      tilt
    i18n (1.10.0)
      concurrent-ruby (~> 1.0)
    json (2.6.1)
    json-jwt (1.13.0)
      activesupport (>= 4.2)
      aes_key_wrap
      bindata
    jwt (2.3.0)
    minitest (5.15.0)
    multi_json (1.14.1)
    multipart-post (2.1.1)
    mustermann (1.1.1)
      ruby2_keywords (~> 0.0.1)
    rack (2.2.6.2)
    ruby2_keywords (0.0.5)
    sinatra-contrib (2.1.0)
      multi_json
      mustermann (~> 1.0)
      rack-protection (= 2.1.0)
      sinatra (= 2.1.0)
      tilt (~> 2.0)
    temple (0.8.2)
    tilt (2.0.10)
    tzinfo (2.0.4)
      concurrent-ruby (~> 1.0)
    xero-ruby (3.7.1)
      faraday (~> 1.0, >= 1.0.1)
      json (~> 2.1, >= 2.1.0)
      json-jwt (~> 1.5, >= 1.5.2)

PLATFORMS
  ruby

DEPENDENCIES
  byebug
  dotenv
  haml
  jwt
  sinatra!
  sinatra-contrib
  xero-ruby

BUNDLED WITH
   2.3.9
